GIT
  remote: https://github.com/newrelic-platform/newrelic_plugin.git
  revision: 3e5396aebda96248b0988f6e864b5a7f921696c7
  specs:
    newrelic_plugin (1.3.1)
      json

GEM
  remote: http://rubygems.org/
  specs:
    json (1.8.1)
    pg (0.17.1)

PLATFORMS
  ruby

DEPENDENCIES
  newrelic_plugin!
  pg
