PATH
  remote: /Users/elliothursh/code/newrelic_plugin
  specs:
    newrelic_plugin (1.3.1)
      json

GEM
  remote: http://rubygems.org/
  specs:
    daemons (1.1.9)
    json (1.8.1)
    pg (0.15.1)

PLATFORMS
  ruby

DEPENDENCIES
  daemons
  newrelic_plugin!
  pg
