GIT
  remote: https://github.com/newrelic-platform/newrelic_plugin.git
  revision: fffddc35e9085d8320f893c6a1c10bd4103800d1
  specs:
    newrelic_plugin (1.3.1)
      json

GEM
  remote: http://rubygems.org/
  specs:
    daemons (1.1.9)
    json (1.8.1)
    pg (0.15.1)

PLATFORMS
  ruby

DEPENDENCIES
  daemons
  newrelic_plugin!
  pg
