GIT
  remote: https://github.com/newrelic-platform/newrelic_plugin.git
  revision: 024d0c562a8ab73aabe7fab7f7485a2742b43adf
  specs:
    newrelic_plugin (0.2.11)
      faraday (>= 0.8.1)
      json

GEM
  remote: http://rubygems.org/
  specs:
    daemons (1.1.9)
    faraday (0.8.7)
      multipart-post (~> 1.1)
    json (1.7.7)
    multipart-post (1.2.0)
    pg (0.15.1)

PLATFORMS
  ruby

DEPENDENCIES
  daemons
  newrelic_plugin!
  pg
